PATH
  remote: .
  specs:
    inline-style (0.5.0)
      css_parser
      maca-fork-csspool
      nokogiri

GEM
  remote: http://rubygems.org/
  specs:
    activesupport (3.0.4)
    css_parser (1.1.9)
    diff-lcs (1.1.2)
    ffi (1.15.0)
    i18n (0.5.0)
    iconv (1.0.8)
    maca-fork-csspool (2.0.2)
      ffi
    mail (2.2.15)
      activesupport (>= 2.3.6)
      i18n (>= 0.4.0)
      mime-types (~> 1.16)
      treetop (~> 1.4.8)
    mime-types (1.16)
    mini_portile2 (2.4.0)
    nokogiri (1.10.10)
      mini_portile2 (~> 2.4.0)
    polyglot (0.3.1)
    rack (1.2.1)
    rspec (2.4.0)
      rspec-core (~> 2.4.0)
      rspec-expectations (~> 2.4.0)
      rspec-mocks (~> 2.4.0)
    rspec-core (2.4.0)
    rspec-expectations (2.4.0)
      diff-lcs (~> 1.1.2)
    rspec-mocks (2.4.0)
    treetop (1.4.9)
      polyglot (>= 0.3.1)

PLATFORMS
  ruby

DEPENDENCIES
  iconv
  inline-style!
  mail
  rack
  rspec
  rspec-core

BUNDLED WITH
   1.17.3
